GEM
  remote: https://rubygems.org/
  specs:
    addressable (2.7.0)
      public_suffix (>= 2.0.2, < 5.0)
    down (5.2.0)
      addressable (~> 2.5)
    public_suffix (4.0.6)

PLATFORMS
  ruby

DEPENDENCIES
  down

BUNDLED WITH
   2.1.4
